GEM
  remote: https://rubygems.org/
  specs:
    ffi (1.12.1)
    listen (3.2.1)
      rb-fsevent (~> 0.10, >= 0.10.3)
      rb-inotify (~> 0.9, >= 0.9.10)
    rb-fsevent (0.10.3)
    rb-inotify (0.10.1)
      ffi (~> 1.0)

PLATFORMS
  ruby

DEPENDENCIES
  listen (~> 3.0)

BUNDLED WITH
   1.17.2
